PATH
  remote: .
  specs:
    nerve (0.3.0)
      bunny (= 1.0.0.rc2)
      redis (~> 3.0.1)
      zk (~> 1.9.2)

GEM
  remote: https://rubygems.org/
  specs:
    amq-protocol (1.9.0)
    bunny (1.0.0.rc2)
      amq-protocol (>= 1.8.0)
    little-plugger (1.1.3)
    logging (1.7.2)
      little-plugger (>= 1.1.3)
    redis (3.0.6)
    slyphon-log4j (1.2.15)
    slyphon-zookeeper_jar (3.3.5-java)
    zk (1.9.2)
      logging (~> 1.7.2)
      zookeeper (~> 1.4.0)
    zookeeper (1.4.7)
    zookeeper (1.4.7-java)
      slyphon-log4j (= 1.2.15)
      slyphon-zookeeper_jar (= 3.3.5)

PLATFORMS
  java
  ruby

DEPENDENCIES
  nerve!
