PATH
  remote: .
  specs:
    nerve (0.7.0)
      bunny (= 1.1.0)
      etcd (~> 0.2.3)
      json
      zk (~> 1.9.2)

GEM
  remote: https://rubygems.org/
  specs:
    activesupport (4.2.0)
      i18n (~> 0.7)
      json (~> 1.7, >= 1.7.7)
      minitest (~> 5.1)
      thread_safe (~> 0.3, >= 0.3.4)
      tzinfo (~> 1.1)
    amq-protocol (1.9.2)
    bunny (1.1.0)
      amq-protocol (>= 1.9.2)
    coderay (1.1.0)
    diff-lcs (1.2.5)
    etcd (0.2.4)
      mixlib-log
    factory_girl (4.5.0)
      activesupport (>= 3.0.0)
    i18n (0.7.0)
    json (1.8.6)
    little-plugger (1.1.3)
    logging (1.8.2)
      little-plugger (>= 1.1.3)
      multi_json (>= 1.8.4)
    method_source (0.8.2)
    minitest (5.5.1)
    mixlib-log (1.6.0)
    multi_json (1.11.2)
    pry (0.10.1)
      coderay (~> 1.1.0)
      method_source (~> 0.8.1)
      slop (~> 3.4)
    rake (10.1.1)
    rspec (3.1.0)
      rspec-core (~> 3.1.0)
      rspec-expectations (~> 3.1.0)
      rspec-mocks (~> 3.1.0)
    rspec-core (3.1.7)
      rspec-support (~> 3.1.0)
    rspec-expectations (3.1.2)
      diff-lcs (>= 1.2.0, < 2.0)
      rspec-support (~> 3.1.0)
    rspec-mocks (3.1.3)
      rspec-support (~> 3.1.0)
    rspec-support (3.1.2)
    slop (3.6.0)
    thread_safe (0.3.4)
    tzinfo (1.2.2)
      thread_safe (~> 0.1)
    zk (1.9.5)
      logging (~> 1.8.2)
      zookeeper (~> 1.4.0)
    zookeeper (1.4.10)

PLATFORMS
  ruby

DEPENDENCIES
  factory_girl
  nerve!
  pry
  rake
  rspec (~> 3.1.0)

BUNDLED WITH
   1.10.5
