PATH
  remote: .
  specs:
    nerve (0.4.0)
      bunny (= 1.1.0)
      zk (~> 1.9.2)

GEM
  remote: https://rubygems.org/
  specs:
    amq-protocol (1.9.2)
    bunny (1.1.0)
      amq-protocol (>= 1.9.2)
    diff-lcs (1.2.5)
    little-plugger (1.1.3)
    logging (1.7.2)
      little-plugger (>= 1.1.3)
    rake (10.1.1)
    rspec (2.14.1)
      rspec-core (~> 2.14.0)
      rspec-expectations (~> 2.14.0)
      rspec-mocks (~> 2.14.0)
    rspec-core (2.14.7)
    rspec-expectations (2.14.4)
      diff-lcs (>= 1.1.3, < 2.0)
    rspec-mocks (2.14.4)
    zk (1.9.3)
      logging (~> 1.7.2)
      zookeeper (~> 1.4.0)
    zookeeper (1.4.8)

PLATFORMS
  java
  ruby

DEPENDENCIES
  nerve!
  rake
  rspec
