PATH
  remote: .
  specs:
    nerve (0.7.0)
      bunny (= 1.1.0)
      etcd (~> 0.2.3)
      json
      zk (~> 1.10)

GEM
  remote: https://rubygems.org/
  specs:
    activesupport (6.1.7.6)
      concurrent-ruby (~> 1.0, >= 1.0.2)
      i18n (>= 1.6, < 2)
      minitest (>= 5.1)
      tzinfo (~> 2.0)
      zeitwerk (~> 2.3)
    amq-protocol (2.3.2)
    bunny (1.1.0)
      amq-protocol (>= 1.9.2)
    coderay (1.1.3)
    concurrent-ruby (1.2.3)
    diff-lcs (1.5.1)
    etcd (0.2.4)
      mixlib-log
    factory_girl (4.9.0)
      activesupport (>= 3.0.0)
    i18n (1.14.1)
      concurrent-ruby (~> 1.0)
    json (2.7.1)
    method_source (1.0.0)
    minitest (5.15.0)
    mixlib-log (3.0.9)
    pry (0.14.2)
      coderay (~> 1.1)
      method_source (~> 1.0)
    rake (13.1.0)
    rspec (3.1.0)
      rspec-core (~> 3.1.0)
      rspec-expectations (~> 3.1.0)
      rspec-mocks (~> 3.1.0)
    rspec-core (3.1.7)
      rspec-support (~> 3.1.0)
    rspec-expectations (3.1.2)
      diff-lcs (>= 1.2.0, < 2.0)
      rspec-support (~> 3.1.0)
    rspec-mocks (3.1.3)
      rspec-support (~> 3.1.0)
    rspec-support (3.1.2)
    tzinfo (2.0.6)
      concurrent-ruby (~> 1.0)
    zeitwerk (2.6.13)
    zk (1.10.0)
      zookeeper (~> 1.5.0)
    zookeeper (1.5.5)

PLATFORMS
  ruby

DEPENDENCIES
  factory_girl
  nerve!
  pry
  rake
  rspec (~> 3.1.0)

BUNDLED WITH
   1.10.5
